GEM
  remote: https://www.rubygems.org/
  specs:
    childprocess (0.6.2)
      ffi (~> 1.0, >= 1.0.11)
    connection_pool (2.2.1)
    ffi (1.9.18)
    net-http-persistent (3.0.0)
      connection_pool (~> 2.2)
    rubyzip (1.2.1)
    selenium-webdriver (3.3.0)
      childprocess (~> 0.5)
      rubyzip (~> 1.0)
      websocket (~> 1.0)
    websocket (1.2.4)

PLATFORMS
  ruby

DEPENDENCIES
  net-http-persistent
  selenium-webdriver

BUNDLED WITH
   1.14.3
